GEM
  remote: https://rubygems.org/
  specs:
    awesome_print (1.1.0)
    excon (0.16.10)
    rack (1.4.3)
    rack-protection (1.3.2)
      rack
    sinatra (1.3.3)
      rack (~> 1.3, >= 1.3.6)
      rack-protection (~> 1.2)
      tilt (~> 1.3, >= 1.3.3)
    tilt (1.3.3)
    trakt (0.0.2)
      excon

PLATFORMS
  ruby

DEPENDENCIES
  awesome_print
  sinatra
  trakt
